GEM
  remote: https://rubygems.org/
  specs:
    json (2.6.3)
    recaptcha (5.12.3)
      json

PLATFORMS
  ruby

DEPENDENCIES
  recaptcha

BUNDLED WITH
   2.1.4
